GEM
  specs:
    bubble-wrap (1.4.0)

PLATFORMS
  ruby

DEPENDENCIES
  bubble-wrap
